GEM
  remote: https://rubygems.org/
  specs:
    cells (4.1.7)
      declarative-builder (< 0.2.0)
      declarative-option (< 0.2.0)
      tilt (>= 1.4, < 3)
      uber (< 0.2.0)
    cells-erb (0.1.0)
      cells (~> 4.0)
      erbse (>= 0.1.1)
    concurrent-ruby (1.1.5)
    declarative-builder (0.1.0)
      declarative-option (< 0.2.0)
    declarative-option (0.1.0)
    erbse (0.1.3)
      temple
    hanami-controller (1.3.2)
      hanami-utils (~> 1.3)
      rack (~> 2.0)
    hanami-router (1.3.1)
      hanami-utils (~> 1.3)
      http_router (= 0.11.2)
      rack (~> 2.0)
    hanami-utils (1.3.2)
      concurrent-ruby (~> 1.0)
      transproc (~> 1.0)
    http_router (0.11.2)
      rack (>= 1.0.0)
      url_mount (~> 0.2.1)
    rack (2.0.8)
    rack-console (1.3.1)
      rack (>= 1.1)
      rack-test
    rack-test (1.1.0)
      rack (>= 1.0, < 3)
    temple (0.8.1)
    tilt (2.0.9)
    transproc (1.0.3)
    uber (0.1.0)
    url_mount (0.2.1)
      rack

PLATFORMS
  ruby
  x64-mingw32

DEPENDENCIES
  cells
  cells-erb
  hanami-controller
  hanami-router
  rack
  rack-console

RUBY VERSION
   ruby 2.6.3p62

BUNDLED WITH
   2.0.2
