GEM
  remote: https://rubygems.org/
  specs:
    concurrent-ruby (1.1.5)
    hanami-controller (1.3.2)
      hanami-utils (~> 1.3)
      rack (~> 2.0)
    hanami-router (1.3.1)
      hanami-utils (~> 1.3)
      http_router (= 0.11.2)
      rack (~> 2.0)
    hanami-utils (1.3.2)
      concurrent-ruby (~> 1.0)
      transproc (~> 1.0)
    http_router (0.11.2)
      rack (>= 1.0.0)
      url_mount (~> 0.2.1)
    rack (2.0.7)
    rack-console (1.3.1)
      rack (>= 1.1)
      rack-test
    rack-test (1.1.0)
      rack (>= 1.0, < 3)
    transproc (1.0.3)
    url_mount (0.2.1)
      rack

PLATFORMS
  ruby
  x64-mingw32

DEPENDENCIES
  hanami-controller
  hanami-router
  rack
  rack-console

RUBY VERSION
   ruby 2.6.3p62

BUNDLED WITH
   2.0.2
